GEM
  remote: https://rubygems.org/
  specs:
    coderay (1.1.3)
    method_source (1.1.0)
    pry (0.14.2)
      coderay (~> 1.1)
      method_source (~> 1.0)
    rack (2.0.9.4)
    webrick (1.8.1)

PLATFORMS
  ruby
  x86_64-linux

DEPENDENCIES
  pry
  rack (~> 2.0.1)
  webrick

RUBY VERSION
   ruby 3.2.0p0

BUNDLED WITH
   2.5.11
