GEM
  remote: https://rubygems.org/
  specs:
    rack (2.0.9.4)
    webrick (1.8.1)

PLATFORMS
  ruby
  x86_64-linux

DEPENDENCIES
  rack (~> 2.0.1)
  webrick

RUBY VERSION
   ruby 3.2.0p0

BUNDLED WITH
   2.5.11
